PATH
  remote: .
  specs:
    file_uploader (0.1.1)

GEM
  remote: http://rubygems.org/
  specs:

PLATFORMS
  ruby

DEPENDENCIES
  file_uploader!
